GEM
  remote: https://rubygems.org/
  specs:
    cgi (0.3.1)
    date (3.2.2)
    erb (2.2.3)
      cgi
    faraday (2.2.0)
      faraday-net_http (~> 2.0)
      ruby2_keywords (>= 0.0.4)
    faraday-net_http (2.0.1)
    json (2.6.1)
    ruby2_keywords (0.0.5)

PLATFORMS
  ruby

DEPENDENCIES
  date
  erb
  faraday
  json

BUNDLED WITH
   2.1.4
